PATH
  remote: .
  specs:
    data_fabric (1.5.0.cerego)

GEM
  remote: http://rubygems.org/
  specs:
    activemodel (3.1.11)
      activesupport (= 3.1.11)
      builder (~> 3.0.0)
      i18n (~> 0.6)
    activerecord (3.1.11)
      activemodel (= 3.1.11)
      activesupport (= 3.1.11)
      arel (~> 2.2.3)
      tzinfo (~> 0.3.29)
    activesupport (3.1.11)
      multi_json (~> 1.0)
    arel (2.2.3)
    builder (3.0.4)
    flexmock (1.3.1)
    i18n (0.6.4)
    minitest (4.6.2)
    multi_json (1.6.1)
    mysql2 (0.3.11)
    sqlite3 (1.3.7)
    tzinfo (0.3.37)

PLATFORMS
  ruby

DEPENDENCIES
  activerecord (~> 3.1.11)
  data_fabric!
  flexmock (> 0)
  minitest (> 0)
  mysql2 (~> 0.3.11)
  sqlite3 (> 0)
