PATH
  remote: .
  specs:
    data_fabric (1.4.0)

GEM
  remote: http://rubygems.org/
  specs:
    activemodel (3.0.20)
      activesupport (= 3.0.20)
      builder (~> 2.1.2)
      i18n (~> 0.5.0)
    activerecord (3.0.20)
      activemodel (= 3.0.20)
      activesupport (= 3.0.20)
      arel (~> 2.0.10)
      tzinfo (~> 0.3.23)
    activesupport (3.0.20)
    arel (2.0.10)
    builder (2.1.2)
    flexmock (1.3.0)
    i18n (0.5.0)
    minitest (4.6.1)
    mysql2 (0.2.18-x86-mingw32)
    rake (10.0.3)
    rcov (1.0.0)
    sqlite3 (1.3.7-x86-mingw32)
    tzinfo (0.3.35)

PLATFORMS
  x86-mingw32

DEPENDENCIES
  activerecord (~> 3.0.3)
  data_fabric!
  flexmock (> 0)
  minitest (> 0)
  mysql2 (~> 0.2.18)
  rake (> 0)
  rcov (> 0)
  sqlite3 (> 0)
